GEM
  remote: https://rubygems.org/
  specs:
    rake (13.0.1)
    terminal-table (1.8.0)
      unicode-display_width (~> 1.1, >= 1.1.1)
    unicode-display_width (1.7.0)

PLATFORMS
  ruby

DEPENDENCIES
  rake
  terminal-table

BUNDLED WITH
   2.0.2
